GEM
  remote: http://rubygems.org/
  specs:
    active_support (3.0.0)
      activesupport (= 3.0.0)
    activesupport (3.0.0)
    addressable (2.3.4)
    bitbucket_rest_api (0.1.2)
      faraday (~> 0.8.1)
      faraday_middleware (~> 0.8.1)
      hashie (~> 1.2.0)
      multi_json (~> 1.3)
      nokogiri (~> 1.5.2)
      simple_oauth
    daemons (1.1.9)
    dotenv (0.8.0)
    eventmachine (1.0.3)
    excon (0.25.0)
    faraday (0.8.7)
      multipart-post (~> 1.1)
    faraday_middleware (0.8.8)
      faraday (>= 0.7.4, < 0.9)
    foreman (0.63.0)
      dotenv (>= 0.7)
      thor (>= 0.13.6)
    hashie (1.2.0)
    heroku (2.39.4)
      heroku-api (~> 0.3.7)
      launchy (>= 0.3.2)
      netrc (~> 0.7.7)
      rest-client (~> 1.6.1)
      rubyzip
    heroku-api (0.3.13)
      excon (~> 0.25.0)
    json (1.7.7)
    launchy (2.3.0)
      addressable (~> 2.3)
    mime-types (1.21)
    multi_json (1.7.7)
    multipart-post (1.2.0)
    netrc (0.7.7)
    nokogiri (1.5.10)
    rack (1.5.2)
    rack-protection (1.5.0)
      rack
    rest-client (1.6.7)
      mime-types (>= 1.16)
    rubyzip (0.9.9)
    shotgun (0.9)
      rack (>= 1.0)
    simple_oauth (0.2.0)
    sinatra (1.4.3)
      rack (~> 1.4)
      rack-protection (~> 1.4)
      tilt (~> 1.3, >= 1.3.4)
    thin (1.5.1)
      daemons (>= 1.0.9)
      eventmachine (>= 0.12.6)
      rack (>= 1.0.0)
    thor (0.18.1)
    tilt (1.4.1)

PLATFORMS
  ruby

DEPENDENCIES
  active_support
  bitbucket_rest_api
  foreman
  heroku
  json
  shotgun
  sinatra
  thin
